GEM
  remote: https://rubygems.org/
  specs:
    bigdecimal (3.1.8)
    google-protobuf (4.27.3-arm64-darwin)
      bigdecimal
      rake (>= 13)
    grpc-tools (1.54.0)
    rake (13.2.1)

PLATFORMS
  arm64-darwin-21
  arm64-darwin-22
  arm64-darwin-23

DEPENDENCIES
  google-protobuf
  grpc-tools

BUNDLED WITH
   2.3.7
