GEM
  remote: https://rubygems.org/
  specs:
    grpc-tools (1.54.0)

PLATFORMS
  arm64-darwin-21
  arm64-darwin-22
  arm64-darwin-23
  arm64-darwin-24

DEPENDENCIES
  grpc-tools

BUNDLED WITH
   2.3.7
